GEM
  remote: http://rubygems.org/
  specs:
    json (1.7.7)
    sqlite3 (1.3.7)

PLATFORMS
  ruby

DEPENDENCIES
  json
  sqlite3
